GIT
  remote: https://github.com/HomeBusProjects/ruby-homebus
  revision: c231072e715e142c3cd17fd25d42ecd04b0a3397
  branch: main
  specs:
    homebus (0.40.1)
      paho-mqtt (~> 1.0.12)

PATH
  remote: .
  specs:
    homebus-oha-hmpxv (0.0.1)

GEM
  remote: https://rubygems.org/
  specs:
    date (3.2.2)
    diff-lcs (1.5.0)
    dotenv (2.8.1)
    mini_portile2 (2.8.0)
    nokogiri (1.13.9)
      mini_portile2 (~> 2.8.0)
      racc (~> 1.4)
    open-uri (0.2.0)
      stringio
      time
      uri
    paho-mqtt (1.0.12)
    racc (1.6.0)
    rspec (3.11.0)
      rspec-core (~> 3.11.0)
      rspec-expectations (~> 3.11.0)
      rspec-mocks (~> 3.11.0)
    rspec-core (3.11.0)
      rspec-support (~> 3.11.0)
    rspec-expectations (3.11.1)
      diff-lcs (>= 1.2.0, < 2.0)
      rspec-support (~> 3.11.0)
    rspec-mocks (3.11.1)
      diff-lcs (>= 1.2.0, < 2.0)
      rspec-support (~> 3.11.0)
    rspec-support (3.11.1)
    stringio (3.0.2)
    time (0.2.0)
      date
    uri (0.11.0)

PLATFORMS
  ruby

DEPENDENCIES
  dotenv
  homebus (>= 0.30.1)!
  homebus-oha-hmpxv!
  nokogiri
  open-uri
  rspec

BUNDLED WITH
   2.1.4
